GEM
  remote: https://rubygems.org/
  specs:
    coderay (1.1.2)
    humanize (1.7.0)
    method_source (0.9.0)
    pry (0.11.3)
      coderay (~> 1.1.0)
      method_source (~> 0.9.0)
    rack (2.0.3)
    rack-favicon (0.0.1)
    shotgun (0.9.2)
      rack (>= 1.0)

PLATFORMS
  ruby

DEPENDENCIES
  humanize
  pry
  rack (= 2.0.3)
  rack-favicon
  shotgun

BUNDLED WITH
   1.16.1
